GEM
  remote: https://rubygems.org/
  specs:
    paint (2.2.1)

PLATFORMS
  x86_64-linux

DEPENDENCIES
  paint

BUNDLED WITH
   2.2.14
